GEM
  remote: https://rubygems.org/
  specs:
    backports (3.8.0)
    daemons (1.2.4)
    erubis (2.7.0)
    eventmachine (1.2.3)
    multi_json (1.12.1)
    oj (3.0.3)
    rack (1.6.5)
    rack-jsonz (0.0.3)
      oj
      rack
      system
      usagewatch
      usagewatch_ext
    rack-protection (1.5.3)
      rack
    rack-test (0.6.3)
      rack (>= 1.0)
    rake (12.0.0)
    sass (3.4.23)
    shotgun (0.9.2)
      rack (>= 1.0)
    sinatra (1.4.8)
      rack (~> 1.5)
      rack-protection (~> 1.4)
      tilt (>= 1.3, < 3)
    sinatra-contrib (1.4.7)
      backports (>= 2.0)
      multi_json
      rack-protection
      rack-test
      sinatra (~> 1.4.0)
      tilt (>= 1.3, < 3)
    sinatra-flash (0.3.0)
      sinatra (>= 1.0.0)
    system (0.1.3)
      version (~> 1.0.0)
    thin (1.7.0)
      daemons (~> 1.0, >= 1.0.9)
      eventmachine (~> 1.0, >= 1.0.4)
      rack (>= 1, < 3)
    tilt (2.0.7)
    usagewatch (0.0.7)
    usagewatch_ext (0.2.1)
      usagewatch (~> 0.0.6)
    version (1.0.0)

PLATFORMS
  ruby

DEPENDENCIES
  erubis (~> 2.7.0)
  oj
  rack-jsonz
  rake
  sass
  shotgun
  sinatra
  sinatra-contrib
  sinatra-flash
  thin

RUBY VERSION
   ruby 2.4.0p0

BUNDLED WITH
   1.14.6
