GEM
  remote: https://rubygems.org/
  specs:
    backports (3.11.0)
    daemons (1.2.6)
    erubis (2.7.0)
    eventmachine (1.2.5)
    ffi (1.9.18)
    multi_json (1.12.2)
    mustermann (1.0.1)
    oj (3.3.9)
    rack (2.0.3)
    rack-jsonz (0.0.3)
      oj
      rack
      system
      usagewatch
      usagewatch_ext
    rack-protection (2.0.0)
      rack
    rake (12.3.0)
    rb-fsevent (0.10.2)
    rb-inotify (0.9.10)
      ffi (>= 0.5.0, < 2)
    sass (3.5.4)
      sass-listen (~> 4.0.0)
    sass-listen (4.0.0)
      rb-fsevent (~> 0.9, >= 0.9.4)
      rb-inotify (~> 0.9, >= 0.9.7)
    shotgun (0.9.2)
      rack (>= 1.0)
    sinatra (2.0.0)
      mustermann (~> 1.0)
      rack (~> 2.0)
      rack-protection (= 2.0.0)
      tilt (~> 2.0)
    sinatra-contrib (2.0.0)
      backports (>= 2.0)
      multi_json
      mustermann (~> 1.0)
      rack-protection (= 2.0.0)
      sinatra (= 2.0.0)
      tilt (>= 1.3, < 3)
    sinatra-flash (0.3.0)
      sinatra (>= 1.0.0)
    system (0.1.3)
      version (~> 1.0.0)
    thin (1.7.2)
      daemons (~> 1.0, >= 1.0.9)
      eventmachine (~> 1.0, >= 1.0.4)
      rack (>= 1, < 3)
    tilt (2.0.8)
    usagewatch (0.0.7)
    usagewatch_ext (0.2.1)
      usagewatch (~> 0.0.6)
    version (1.0.0)

PLATFORMS
  ruby

DEPENDENCIES
  erubis (~> 2.7.0)
  oj
  rack-jsonz
  rake
  sass
  shotgun
  sinatra
  sinatra-contrib
  sinatra-flash
  thin

RUBY VERSION
   ruby 2.4.2p198

BUNDLED WITH
   1.16.0
